PATH
  remote: .
  specs:
    xcpretty-travis-formatter-security-patched (1.0.1)
      xcpretty-security-patched (~> 0.3.1, >= 0.3.1)

GEM
  remote: https://rubygems.org/
  specs:
    bacon (1.2.0)
    rake (10.3.2)
    rouge (3.28.0)
    xcpretty-security-patched (0.3.1)
      rouge (~> 3.28.0)

PLATFORMS
  ruby

DEPENDENCIES
  bacon (~> 1.2)
  bundler (~> 1.3)
  rake
  xcpretty-travis-formatter-security-patched!

BUNDLED WITH
   1.17.3
